GEM
  specs:
    autotest (4.4.1)
    diff-lcs (1.1.2)
    echoe (4.3.1)
      gemcutter
      rubyforge
    gemcutter (0.6.1)
    json (1.4.6)
    json_pure (1.4.3)
    mocha (0.9.8)
      rake
    rainbow (1.1)
    rake (0.8.7)
    rdiscount (1.6.5)
    rdoc (2.4.3)
    reek (1.2.8)
      ruby2ruby (~> 1.2)
      ruby_parser (~> 2.0)
      sexp_processor (~> 3.0)
    rspec (2.0.1)
      rspec-core (~> 2.0.1)
      rspec-expectations (~> 2.0.1)
      rspec-mocks (~> 2.0.1)
    rspec-core (2.0.1)
    rspec-expectations (2.0.1)
      diff-lcs (>= 1.1.2)
    rspec-mocks (2.0.1)
      rspec-core (~> 2.0.1)
      rspec-expectations (~> 2.0.1)
    ruby2ruby (1.2.4)
      ruby_parser (~> 2.0)
      sexp_processor (~> 3.0)
    ruby_parser (2.0.4)
      sexp_processor (~> 3.0)
    rubyforge (2.0.4)
      json_pure (>= 1.1.7)
    sdoc (0.2.20)
      json (>= 1.1.3)
      rdoc (= 2.4.3)
    sdoc-helpers (0.1.4)
      sdoc (~> 0.2)
    sexp_processor (3.0.4)

PLATFORMS
  ruby

DEPENDENCIES
  autotest
  echoe
  mocha
  rainbow
  rdiscount
  reek
  rspec
  sdoc
  sdoc-helpers
