PATH
  remote: .
  specs:
    apache-config-generator (0.2.8)
      rainbow

GEM
  remote: http://rubygems.org/
  specs:
    autotest (4.4.2)
    diff-lcs (1.1.2)
    mocha (0.9.10)
      rake
    nokogiri (1.4.3.1)
    rainbow (1.1)
    rake (0.8.7)
    reek (1.2.8)
      ruby2ruby (~> 1.2)
      ruby_parser (~> 2.0)
      sexp_processor (~> 3.0)
    rspec (2.0.1)
      rspec-core (~> 2.0.1)
      rspec-expectations (~> 2.0.1)
      rspec-mocks (~> 2.0.1)
    rspec-core (2.0.1)
    rspec-expectations (2.0.1)
      diff-lcs (>= 1.1.2)
    rspec-mocks (2.0.1)
      rspec-core (~> 2.0.1)
      rspec-expectations (~> 2.0.1)
    ruby2ruby (1.2.4)
      ruby_parser (~> 2.0)
      sexp_processor (~> 3.0)
    ruby_parser (2.0.4)
      sexp_processor (~> 3.0)
    sexp_processor (3.0.4)

PLATFORMS
  ruby

DEPENDENCIES
  apache-config-generator!
  autotest
  bundler (>= 1.0.0)
  mocha
  nokogiri
  rainbow
  reek
  rspec (~> 2.0.0)
